GEM
  remote: https://rubygems.org/
  specs:
    RedCloth (3.0.4)
    cmdparse (2.0.6)
    coderay (0.9.1)
    json (1.8.1)
    rake (10.4.2)
    rcov (1.0.0)
    rdoc (4.2.0)
      json (~> 1.4)
    rdoc-data (4.0.1)
      rdoc (~> 4.0)
    rspec (1.1.4)
    webgen (0.4.7)
      RedCloth (>= 3.0.0)
      cmdparse (~> 2.0.0)

PLATFORMS
  ruby

DEPENDENCIES
  RedCloth (= 3.0.4)
  coderay (= 0.9.1)
  rake
  rcov
  rdoc
  rdoc-data
  rspec (= 1.1.4)
  webgen (= 0.4.7)
